GEM
  remote: https://rubygems.org/
  specs:
    ruby_motion_query (0.4.1)

PLATFORMS
  ruby

DEPENDENCIES
  ruby_motion_query
